GEM
  remote: https://rubygems.org/
  specs:
    actionpack (4.2.0)
      actionview (= 4.2.0)
      activesupport (= 4.2.0)
      rack (~> 1.6.0)
      rack-test (~> 0.6.2)
      rails-dom-testing (~> 1.0, >= 1.0.5)
      rails-html-sanitizer (~> 1.0, >= 1.0.1)
    actionview (4.2.0)
      activesupport (= 4.2.0)
      builder (~> 3.1)
      erubis (~> 2.7.0)
      rails-dom-testing (~> 1.0, >= 1.0.5)
      rails-html-sanitizer (~> 1.0, >= 1.0.1)
    active_record_migrations (4.2.0.1)
      activerecord (= 4.2.0)
      railties (= 4.2.0)
      rake
    activemodel (4.2.0)
      activesupport (= 4.2.0)
      builder (~> 3.1)
    activerecord (4.2.0)
      activemodel (= 4.2.0)
      activesupport (= 4.2.0)
      arel (~> 6.0)
    activerecord-import (0.7.0)
      activerecord (>= 3.0)
    activesupport (4.2.0)
      i18n (~> 0.7)
      json (~> 1.7, >= 1.7.7)
      minitest (~> 5.1)
      thread_safe (~> 0.3, >= 0.3.4)
      tzinfo (~> 1.1)
    arel (6.0.0)
    awesome_print (1.6.1)
    axiom-types (0.1.1)
      descendants_tracker (~> 0.0.4)
      ice_nine (~> 0.11.0)
      thread_safe (~> 0.3, >= 0.3.1)
    bio (1.4.3.0001)
    bio-stockholm (0.0.1)
    builder (3.2.2)
    coderay (1.1.0)
    coercible (1.0.0)
      descendants_tracker (~> 0.0.1)
    descendants_tracker (0.0.4)
      thread_safe (~> 0.3, >= 0.3.1)
    diverge (1.6.0)
    entrez (0.5.8.1)
      httparty
    equalizer (0.0.9)
    erubis (2.7.0)
    file-tail (1.0.12)
      tins (~> 0.5)
    hoe (3.13.0)
      rake (>= 0.8, < 11.0)
    httparty (0.13.3)
      json (~> 1.8)
      multi_xml (>= 0.5.2)
    i18n (0.7.0)
    ice_nine (0.11.1)
    json (1.8.1)
    loofah (2.0.1)
      nokogiri (>= 1.5.9)
    meta_missing (0.3.0)
      activesupport (~> 4.0)
      patched (~> 0.0.3)
    method_source (0.8.2)
    mini_portile (0.6.2)
    minitest (5.5.0)
    multi_xml (0.5.5)
    mysql2 (0.3.17)
    nokogiri (1.6.5)
      mini_portile (~> 0.6.0)
    numbers_in_words (0.2.0)
      activesupport
    parallel (1.3.3)
    patched (0.0.3)
      sourcify (>= 0.6.0.rc4)
    pry (0.10.1)
      coderay (~> 1.1.0)
      method_source (~> 0.8.1)
      slop (~> 3.4)
    rack (1.6.0)
    rack-test (0.6.2)
      rack (>= 1.0)
    rails-deprecated_sanitizer (1.0.3)
      activesupport (>= 4.2.0.alpha)
    rails-dom-testing (1.0.5)
      activesupport (>= 4.2.0.beta, < 5.0)
      nokogiri (~> 1.6.0)
      rails-deprecated_sanitizer (>= 1.0.1)
    rails-html-sanitizer (1.0.1)
      loofah (~> 2.0)
    railties (4.2.0)
      actionpack (= 4.2.0)
      activesupport (= 4.2.0)
      rake (>= 0.8.7)
      thor (>= 0.18.1, < 2.0)
    rake (10.4.2)
    rand (0.9.1)
      hoe (>= 1.2.1)
    rbfam (12.0.0)
      active_record_migrations (~> 4.2, >= 4.2.0.1)
      activerecord (~> 4.2, >= 4.2.0)
      activerecord-import (~> 0.7, >= 0.7.0)
      activesupport (~> 4.2, >= 4.2.0)
      bio (~> 1.4, >= 1.4.2)
      bio-stockholm (~> 0.0, >= 0.0.1)
      mysql2 (~> 0.3, >= 0.3.14)
      parallel (~> 1.3, >= 1.3.2)
      ruby-progressbar (~> 1.7, >= 1.7.0)
      virtus (~> 1.0, >= 1.0.3)
    rinruby (2.0.3)
    rroc (0.1.1)
    ruby-progressbar (1.7.1)
    ruby2ruby (1.3.1)
      ruby_parser (~> 2.0)
      sexp_processor (~> 3.0)
    ruby_parser (2.3.1)
      sexp_processor (~> 3.0)
    rubytree (0.9.4)
      json (~> 1.8)
      structured_warnings (~> 0.1)
    sexp_processor (3.2.0)
    shuffle (1.0.1)
      rand (~> 0.9, >= 0.9.1)
    slop (3.6.0)
    sourcify (0.6.0.rc4)
      file-tail (~> 1.0.10)
      ruby2ruby (~> 1.3.1)
      ruby_parser (~> 2.3.1)
      sexp_processor (~> 3.2.0)
    structured_warnings (0.1.4)
    thor (0.19.1)
    thread_safe (0.3.4)
    tins (0.13.2)
    tzinfo (1.2.2)
      thread_safe (~> 0.1)
    virtus (1.0.4)
      axiom-types (~> 0.1)
      coercible (~> 1.0)
      descendants_tracker (~> 0.0, >= 0.0.3)
      equalizer (~> 0.0, >= 0.0.9)
    wirble (0.1.3)
    wrnap (1.2.1)
      activesupport (~> 4.0)
      bio (~> 1.4)
      bio-stockholm (~> 0.0.1)
      entrez (~> 0.5)
      meta_missing (~> 0.3.0)
      numbers_in_words (~> 0.2.0)
      parallel (~> 1.3, >= 1.3.2)
      rinruby (~> 2.0)
      rroc (~> 0.1)
      ruby-progressbar (~> 1.5, >= 1.5.1)
      rubytree (~> 0.9)
      shuffle (~> 1.0, >= 1.0.1)

PLATFORMS
  ruby

DEPENDENCIES
  awesome_print
  diverge
  pry
  rbfam
  wirble
  wrnap
